{
	"Modality": "MR",
	"MagneticFieldStrength": 3,
	"ImagingFrequency": 123.256,
	"Manufacturer": "Siemens",
	"ManufacturersModelName": "Prisma_fit",
	"InstitutionName": "Yale University MRRC",
	"InstitutionalDepartmentName": "Department",
	"InstitutionAddress": "Cedar Street 333,New Haven ,Connecticut,US,06510",
	"DeviceSerialNumber": "167087",
	"StationName": "AWP167087",
	"BodyPartExamined": "BRAIN",
	"PatientPosition": "HFS",
	"ProcedureStepDescription": "MRRC Research^SiteProtocols",
	"SoftwareVersions": "syngo MR E11",
	"MRAcquisitionType": "3D",
	"SeriesDescription": "t1_Sag_3D_MPRAGE",
	"ProtocolName": "t1_Sag_3D_MPRAGE",
	"ScanningSequence": "GR\\IR",
	"SequenceVariant": "SK\\SP\\MP\\OSP",
	"ScanOptions": "IR",
	"SequenceName": "*tfl3d1_16ns",
	"ImageType": ["ORIGINAL", "PRIMARY", "M", "ND", "NORM"],
	"SeriesNumber": 9,
	"AcquisitionTime": "11:42:20.630000",
	"AcquisitionNumber": 1,
	"SliceThickness": 1,
	"SAR": 0.0981071,
	"EchoTime": 0.00252,
	"RepetitionTime": 1.9,
	"InversionTime": 0.9,
	"FlipAngle": 9,
	"PartialFourier": 1,
	"BaseResolution": 256,
	"ShimSetting": [
		-1558,
		3410,
		1342,
		43,
		26,
		-6,
		-1,
		7	],
	"TxRefAmp": 322.937,
	"PhaseResolution": 0.96,
	"ReceiveCoilName": "Spine_32",
	"ReceiveCoilActiveElements": "HEA;HEP;SP1",
	"PulseSequenceDetails": "%SiemensSeq%\\tfl",
	"RefLinesPE": 24,
	"ConsistencyInfo": "N4_VE11E_LATEST_20181129",
	"PercentPhaseFOV": 100,
	"PercentSampling": 96,
	"PhaseEncodingSteps": 246,
	"AcquisitionMatrixPE": 246,
	"ReconMatrixPE": 256,
	"ParallelReductionFactorInPlane": 2,
	"PixelBandwidth": 170,
	"DwellTime": 1.15e-05,
	"ImageOrientationPatientDICOM": [
		0,
		1,
		0,
		0,
		0,
		-1	],
	"InPlanePhaseEncodingDirectionDICOM": "ROW",
	"ConversionSoftware": "dcm2niix",
	"ConversionSoftwareVersion": "v1.0.20201102"
}
