{
	"Modality": "MR",
	"MagneticFieldStrength": 3,
	"ImagingFrequency": 123.257,
	"Manufacturer": "Siemens",
	"ManufacturersModelName": "Prisma_fit",
	"InstitutionName": "Yale University MRRC",
	"InstitutionalDepartmentName": "Department",
	"InstitutionAddress": "Cedar Street 333,New Haven ,Connecticut,US,06510",
	"DeviceSerialNumber": "167087",
	"StationName": "AWP167087",
	"BodyPartExamined": "BRAIN",
	"PatientPosition": "HFS",
	"ProcedureStepDescription": "MRRC Research^SiteProtocols",
	"SoftwareVersions": "syngo MR E11",
	"MRAcquisitionType": "2D",
	"SeriesDescription": "FieldMap plus 30",
	"ProtocolName": "FieldMap plus 30",
	"ScanningSequence": "GR",
	"SequenceVariant": "SP",
	"SequenceName": "*fm2d2r",
	"ImageType": ["ORIGINAL", "PRIMARY", "M", "ND", "NORM"],
	"SeriesNumber": 3,
	"AcquisitionTime": "12:19:56.500000",
	"AcquisitionNumber": 1,
	"SliceThickness": 2,
	"SpacingBetweenSlices": 2,
	"SAR": 0.0753844,
	"EchoNumber": 2,
	"EchoTime": 0.00738,
	"RepetitionTime": 0.749,
	"FlipAngle": 50,
	"PartialFourier": 1,
	"BaseResolution": 72,
	"ShimSetting": [
		-1582,
		3498,
		1500,
		375,
		118,
		-198,
		129,
		22	],
	"TxRefAmp": 257.744,
	"PhaseResolution": 1,
	"ReceiveCoilName": "Head_32",
	"ReceiveCoilActiveElements": "HEA;HEP",
	"PulseSequenceDetails": "%SiemensSeq%\\gre_field_mapping",
	"ConsistencyInfo": "N4_VE11E_LATEST_20181129",
	"PercentPhaseFOV": 100,
	"PercentSampling": 100,
	"PhaseEncodingSteps": 72,
	"AcquisitionMatrixPE": 72,
	"ReconMatrixPE": 72,
	"PixelBandwidth": 565,
	"DwellTime": 1.23e-05,
	"PhaseEncodingDirection": "j-",
	"SliceTiming": [
		0.375,
		0,
		0.39062,
		0.01562,
		0.39844,
		0.03125,
		0.41406,
		0.03906,
		0.42969,
		0.05469,
		0.4375,
		0.07031,
		0.45312,
		0.07812,
		0.46875,
		0.09375,
		0.47656,
		0.10938,
		0.49219,
		0.11719,
		0.50781,
		0.13281,
		0.52344,
		0.14844,
		0.53125,
		0.15625,
		0.54688,
		0.17188,
		0.5625,
		0.1875,
		0.57812,
		0.20312,
		0.58594,
		0.21094,
		0.60156,
		0.22656,
		0.61719,
		0.24219,
		0.625,
		0.25,
		0.64062,
		0.26562,
		0.65625,
		0.28125,
		0.66406,
		0.29688,
		0.67969,
		0.30469,
		0.69531,
		0.32031,
		0.71094,
		0.33594,
		0.71875,
		0.34375,
		0.73438,
		0.35938	],
	"ImageOrientationPatientDICOM": [
		1,
		0,
		0,
		0,
		0.71325,
		-0.700909	],
	"InPlanePhaseEncodingDirectionDICOM": "COL",
	"ConversionSoftware": "dcm2niix",
	"ConversionSoftwareVersion": "v1.0.20201102"
}
