{
	"Modality": "MR",
	"MagneticFieldStrength": 3,
	"ImagingFrequency": 123.257,
	"Manufacturer": "Siemens",
	"ManufacturersModelName": "Prisma_fit",
	"InstitutionName": "Yale University MRRC",
	"InstitutionalDepartmentName": "Department",
	"InstitutionAddress": "Cedar Street 333,New Haven ,Connecticut,US,06510",
	"DeviceSerialNumber": "167087",
	"StationName": "AWP167087",
	"BodyPartExamined": "BRAIN",
	"PatientPosition": "HFS",
	"ProcedureStepDescription": "MRRC Research^SiteProtocols",
	"SoftwareVersions": "syngo MR E11",
	"MRAcquisitionType": "2D",
	"SeriesDescription": "FieldMap plus 30",
	"ProtocolName": "FieldMap plus 30",
	"ScanningSequence": "GR",
	"SequenceVariant": "SP",
	"SequenceName": "*fm2d2r",
	"ImageType": ["ORIGINAL", "PRIMARY", "M", "ND", "NORM"],
	"SeriesNumber": 3,
	"AcquisitionTime": "12:12:29.742500",
	"AcquisitionNumber": 1,
	"SliceThickness": 2,
	"SpacingBetweenSlices": 2,
	"SAR": 0.0807619,
	"EchoNumber": 1,
	"EchoTime": 0.00492,
	"RepetitionTime": 0.749,
	"FlipAngle": 50,
	"PartialFourier": 1,
	"BaseResolution": 72,
	"ShimSetting": [
		-1561,
		3448,
		1565,
		422,
		56,
		-108,
		77,
		17	],
	"TxRefAmp": 258.986,
	"PhaseResolution": 1,
	"ReceiveCoilName": "Head_32",
	"ReceiveCoilActiveElements": "HEA;HEP",
	"PulseSequenceDetails": "%SiemensSeq%\\gre_field_mapping",
	"ConsistencyInfo": "N4_VE11E_LATEST_20181129",
	"PercentPhaseFOV": 100,
	"PercentSampling": 100,
	"PhaseEncodingSteps": 72,
	"AcquisitionMatrixPE": 72,
	"ReconMatrixPE": 72,
	"PixelBandwidth": 565,
	"DwellTime": 1.23e-05,
	"PhaseEncodingDirection": "j-",
	"SliceTiming": [
		0.375,
		0,
		0.39062,
		0.01562,
		0.40625,
		0.03125,
		0.41406,
		0.03906,
		0.42969,
		0.05469,
		0.44531,
		0.07031,
		0.46094,
		0.08594,
		0.46875,
		0.09375,
		0.48438,
		0.10938,
		0.5,
		0.125,
		0.50781,
		0.13281,
		0.52344,
		0.14844,
		0.53906,
		0.16406,
		0.54688,
		0.17188,
		0.5625,
		0.1875,
		0.57812,
		0.20312,
		0.59375,
		0.21875,
		0.60156,
		0.22656,
		0.61719,
		0.24219,
		0.63281,
		0.25781,
		0.64062,
		0.27344,
		0.65625,
		0.28125,
		0.67188,
		0.29688,
		0.67969,
		0.3125,
		0.69531,
		0.32031,
		0.71094,
		0.33594,
		0.72656,
		0.35156,
		0.73438,
		0.35938	],
	"ImageOrientationPatientDICOM": [
		1,
		0,
		0,
		0,
		0.707107,
		-0.707107	],
	"InPlanePhaseEncodingDirectionDICOM": "COL",
	"ConversionSoftware": "dcm2niix",
	"ConversionSoftwareVersion": "v1.0.20201102"
}
