{
	"Modality": "MR",
	"MagneticFieldStrength": 3,
	"ImagingFrequency": 123.257,
	"Manufacturer": "Siemens",
	"ManufacturersModelName": "Prisma_fit",
	"InstitutionName": "Yale University MRRC",
	"InstitutionalDepartmentName": "Department",
	"InstitutionAddress": "Cedar Street 333,New Haven ,Connecticut,US,06510",
	"DeviceSerialNumber": "167087",
	"StationName": "AWP167087",
	"BodyPartExamined": "BRAIN",
	"PatientPosition": "HFS",
	"ProcedureStepDescription": "MRRC Research^SiteProtocols",
	"SoftwareVersions": "syngo MR E11",
	"MRAcquisitionType": "2D",
	"SeriesDescription": "cmrr_mb4_bold_AP",
	"ProtocolName": "cmrr_mb4_bold_AP",
	"ScanningSequence": "EP",
	"SequenceVariant": "SK\\SS",
	"ScanOptions": "FS",
	"SequenceName": "epfid2d1_110",
	"ImageType": ["ORIGINAL", "PRIMARY", "M", "MB", "ND", "NORM", "MOSAIC"],
	"SeriesNumber": 17,
	"AcquisitionTime": "09:19:19.362500",
	"AcquisitionNumber": 1,
	"ImageComments": "Unaliased MB4/PE4",
	"SliceThickness": 1.5,
	"SpacingBetweenSlices": 1.5,
	"SAR": 0.0174423,
	"EchoTime": 0.03,
	"RepetitionTime": 2.1,
	"FlipAngle": 55,
	"PartialFourier": 1,
	"BaseResolution": 110,
	"ShimSetting": [
		-1558,
		3410,
		1342,
		43,
		26,
		-6,
		-1,
		7	],
	"TxRefAmp": 284.783,
	"PhaseResolution": 1,
	"ReceiveCoilName": "Head_32",
	"ReceiveCoilActiveElements": "HEA;HEP",
	"PulseSequenceDetails": "%CustomerSeq%\\cmrr_mbep2d_bold",
	"WipMemBlock": "075730ae-f822-4eaa-9346-05e408509d1d||Sequence: R016 ve11e/master r/434b28f1; Aug  7 2019 18:53:46 by eja",
	"RefLinesPE": 24,
	"ConsistencyInfo": "N4_VE11E_LATEST_20181129",
	"MultibandAccelerationFactor": 4,
	"PercentPhaseFOV": 100,
	"PercentSampling": 100,
	"EchoTrainLength": 55,
	"PhaseEncodingSteps": 110,
	"AcquisitionMatrixPE": 110,
	"ReconMatrixPE": 110,
	"BandwidthPerPixelPhaseEncode": 27.137,
	"ParallelReductionFactorInPlane": 2,
	"EffectiveEchoSpacing": 0.000335001,
	"DerivedVendorReportedEchoSpacing": 0.000670001,
	"TotalReadoutTime": 0.0365151,
	"PixelBandwidth": 1820,
	"DwellTime": 2.5e-06,
	"PhaseEncodingDirection": "i-",
	"SliceTiming": [
		0,
		1.11,
		0.14,
		1.2475,
		0.2775,
		1.3875,
		0.4175,
		1.525,
		0.555,
		1.665,
		0.695,
		1.8025,
		0.8325,
		1.9425,
		0.9725,
		0,
		1.11,
		0.14,
		1.2475,
		0.2775,
		1.3875,
		0.4175,
		1.525,
		0.555,
		1.665,
		0.695,
		1.8025,
		0.8325,
		1.9425,
		0.9725,
		0,
		1.11,
		0.14,
		1.2475,
		0.2775,
		1.3875,
		0.4175,
		1.525,
		0.555,
		1.665,
		0.695,
		1.8025,
		0.8325,
		1.9425,
		0.9725,
		0,
		1.11,
		0.14,
		1.2475,
		0.2775,
		1.3875,
		0.4175,
		1.525,
		0.555,
		1.665,
		0.695,
		1.8025,
		0.8325,
		1.9425,
		0.9725	],
	"ImageOrientationPatientDICOM": [
		1,
		0,
		0,
		0,
		0.727773,
		-0.685818	],
	"InPlanePhaseEncodingDirectionDICOM": "ROW",
	"ConversionSoftware": "dcm2niix",
	"ConversionSoftwareVersion": "v1.0.20201102"
}
